##TITLE=  XMASS Parameter file
##JCAMPDX=  5.0
##DATATYPE=  CONTINUOUS MASS SPECTRUM
##ORIGIN=  XMASS, Bruker-Daltonics (USA) and Bruker-Daltonik (GER)
##OWNER=  TOF User
##SPECTROMETER/DATASYSTEM=  Bruker Flex Series
##.SPECTROMETER TYPE=  TOF
##.INLET=  DIRECT
##.IONIZATION MODE=  LD+
##$ACQMID= 0 
##$ACQVSMA= 3 
##$ACQVSMI= 0 
##$ADC= 1 
##$ANT= no 
##$AOfs= 50 
##$AQOP_m= 0 
##$AQ_mod= 1 
##$ATTEN= 55.185184 
##$AccE= 20000 
##$AccE_is= 0 
##$AppTyp= 0 
##$BYTORDA= 0 
##$CIDOn= no 
##$CTOF= 0 
##$Calmet= 1 
##$CapEnt= -4000 
##$CapExit= 0 
##$CapHtr= 0 
##$Corona= 0 
##$Cycle= 100 
##$Cyl= 0 
##$DATE= 0 
##$DCOff1= 0 
##$DComp= no 
##$DE= 625 
##$DELAY= 19637 
##$DIGTYP= 2 
##$DPCAL1= 0 
##$DR_end= 6 
##$DR_set= 12 
##$DR_strt= 12 
##$DS= 0 
##$DTATYPE= 0 
##$DW= 2 
##$DataTyp= 0 
##$DefDly= 0 
##$DeflOff= 30 
##$DigDep= 8 
##$DigTrig= 100 
##$DryFlow= 0 
##$DrySW= 0 
##$DryTemp= 150 
##$EOSTime= 0.92799997 
##$EndP= -3500 
##$Enhance= no 
##$EsiMode= 0 
##$Extract= 0 
##$FASTON= no 
##$FOV= 20 
##$FPCAL1= 1 
##$FPCAL2= 0 
##$FPCAL3= 0 
##$FPMASS= 2466.7 
##$FPON= no 
##$FPSHIFT= 0 
##$FW= 2500 
##$Flatlin= no 
##$FpWinHi= 0 
##$FpWinLo= 0 
##$GDEDLY= 0 
##$GDEON= yes 
##$GDETime= 0 
##$GSpotId= 0 
##$GSpotno= 0 
##$GatStr= 0 
##$Gate= 100 
##$HITURBO= no 
##$HPCML3= 0 
##$HPClBHi= 0 
##$HPClBLo= 0 
##$HPClOrd= 0 
##$HPClUse= no 
##$Hpcgc0= 0 
##$Hpcgc2= 0 
##$IS2BNDV= 0 
##$ISD= no 
##$InstTyp= 9 
##$IsCalib= no 
##$LASP= 1 
##$LBNDVAL= 0 
##$LINDIS= 0 
##$LLNSBND= no 
##$LasFoc= -1 
##$LftHV1= 0 
##$LftHV2= 0 
##$Lift1= 0 
##$Lift2= 0 
##$MC2= 4 
##$ML1= 5517219.90862818 
##$ML1_raw= 5517219.90862818 
##$ML2= 602.068195213433 
##$ML2_raw= 602.068195213433 
##$ML3= -0.0027258248475553 
##$ML3_raw= -0.0027258248475553 
##$MSupMz= 0 
##$MW_low= 15 
##$MapMode= 0 
##$Masserr= 127.2177 
##$MatSup= 0 
##$NBL= 1 
##$NC= 0 
##$NS= 16 
##$NSdigit= 1 
##$NebFlow= 0 
##$NebSW= 0 
##$NebTemp= 30 
##$NoSHOTS= 200 
##$OFFSET= 1000 
##$PAPS= 0 
##$PIEDLY= 100 
##$POLARI= 1 
##$PR= 1 
##$PULSER= 10 
##$PULSREP= 10000 
##$Parent= 1000 
##$RBNDVAL= 0 
##$REPHZ= 60 
##$RFAmp= 600 
##$RFFreq= 5 
##$RG= 1 
##$RLNSBND= no 
##$RTSmoo= 0 
##$Realign= 0 
##$Ref2= 0 
##$RefFull= 0 
##$ReflE= 0 
##$Repel= 20 
##$RetTime= 0 
##$RunDId= 0 
##$RunId= 0 
##$SF= 0 
##$SFO1= 0 
##$SPType= 0 
##$SW= 0 
##$SW_p= 100 
##$SampId= 0 
##$Sens1= 100 
##$Sens2= 0 
##$Skim1= 20 
##$SumShot= 0 
##$Sync= 1 
##$TD= 20657 
##$TIB= 5 
##$TLft= 0 
##$TLftCor= 0 
##$TLift= 0 
##$TPLMS= 0 
##$TargId= 0 
##$TgCount= 0 
##$Trans= 100 
##$Trap= 45 
##$UDeflL= 0 
##$UGrid= 0 
##$UIS2BND= no 
##$ULensR= 0 
##$UPAcc= 0 
##$URepel= 9000 
##$Udefl= 0 
##$UdetL= 2.912 
##$UdetR= 0 
##$Uhim= 0 
##$Uhimass= 0 
##$Uis1= 20 
##$Uis2= 16.700001 
##$Ulens= 6 
##$Uref_is= 0 
##$Urefl= 0 
##$XLens= -50 
##$YMAX_a= 7041 
##$YMIN_a= 0 
##$ACQMETH= <D:\Methods\flexControlMethods\MBT_FC.par> 
##$AQ_DATE= <2017-06-19T16:17:13.075+02:00> 
##$AUNM= <> 
##$AXMeth= <MBT_AutoX_Insect> 
##$CALME= (0..15) 
0 0 0 0 0 0 0 0 
0 0 0 0 0 0 0 0 
##$CALMR= (0..15) 
0 0 0 0 0 0 0 0 
0 0 0 0 0 0 0 0 
##$CALNAM1= <> 
##$CALNAM2= <> 
##$CALNAM3= <> 
##$CALNAM4= <> 
##$CALNAM5= <> 
##$CALNAM6= <> 
##$CALNAM7= <> 
##$CHIPNO= <0> 
##$CMT1= <LON-G-f05> 
##$CMT2= <> 
##$CMT3= <> 
##$CMT4= <> 
##$CalStar= <<?xml version="1.0" encoding="ISO-8859-1"?><cs version="1.0"><ca>ReferenceMassAssignement</ca><cm>Quadratic</cm><cd>2017-06-19T16:06:59.000+00:00</cd><cr>OK</cr><pn>flexControl</pn><pv>3.4.135.0</pv><un>Jay</un><rsid>4C49C2D0-A132-4312-9928-749B63ABF658</rsid><mcl>MBT_Standard</mcl><cocp>8</cocp><devb>181.9545681139652</devb><deca>127.2177017122549</deca><acs><ac><rv>26267.13872330092</rv><mb>3636.535966575027</mb><ma>3636.977948178223</ma><cm>3637.8</cm><cn>RL29 [M+2H]2+</cn><me>225.9749908674686</me><tol>0</tol></ac><ac><rv>30983.70865531285</rv><mb>5096.739466244517</mb><ma>5097.296221873283</ma><cm>5096.8</cm><cn>RS32 [M+H]+</cn><me>97.35949483648429</me><tol>0</tol></ac><ac><rv>31820.24444369811</rv><mb>5381.43768046025</mb><ma>5381.996757889384</ma><cm>5381.4</cm><cn>RS34 [M+H]+</cn><me>110.8926839454802</me><tol>0</tol></ac><ac><rv>34258.77496449164</rv><mb>6255.571182428943</mb><ma>6256.097578141906</ma><cm>6255.4</cm><cn>RS33meth [M+H]+</cn><me>111.5161527489815</me><tol>0</tol></ac><ac><rv>36893.82333439543</rv><mb>7274.211838499147</mb><ma>7274.626413850127</ma><cm>7274.5</cm><cn>RL29 [M+H]+</cn><me>17.3776685857986</me><tol>0</tol></ac><ac><rv>43779.72000877174</rv><mb>10299.54278016648</mb><ma>10299.18598234217</ma><cm>10300.1</cm><cn>RS19 [M+H]+</cn><me>88.73871688927383</me><tol>0</tol></ac><ac><rv>50362.41888776508</rv><mb>13683.5636087139</mb><ma>13681.63166827923</ma><cm>13683.2</cm><cn>RNAse A [M+H]+</cn><me>114.6173205659256</me><tol>0</tol></ac><ac><rv>55989.30956313391</rv><mb>16957.78989185386</mb><ma>16953.6876184584</ma><cm>16952.3</cm><cn>Myoglobin [M+H]+</cn><me>81.85428870421941</me><tol>0</tol></ac></acs></cs>> 
##$D= (0..31) 
0 0 0 0 0 0 0 0 
0 0 0 0 0 0 0 0 
0 0 0 0 0 0 0 0 
0 0 0 0 0 0 0 0 
##$DOMNAME= <> 
##$FAMeth= <> 
##$FASTCal= <> 
##$FCVer= <flexControl 3.4.135.0> 
##$GEOFILE= <> 
##$Gelcode= <> 
##$HPCStr= <> 
##$HPCal= (0..31) 
0 0 0 0 0 0 0 0 
0 0 0 0 0 0 0 0 
0 0 0 0 0 0 0 0 
0 0 0 0 0 0 0 0 
##$ID_raw= <FF84290E-4303-4F2A-BB64-3415E39F3FA6> 
##$IN= (0..31) 
0.001 0.001 0.001 0.001 0.001 0.001 0.001 0.001 
0.001 0.001 0.001 0.001 0.001 0.001 0.001 0.001 
0.001 0.001 0.001 0.001 0.001 0.001 0.001 0.001 
0.001 0.001 0.001 0.001 0.001 0.001 0.001 0.001 
##$INSTRUM= <FLEX-PC> 
##$InstrID= <254472.00118> 
##$LIFTC= (0..2) 
0 0 0 
##$MOTPOS= <(-58575.0,-9300.0)> 
##$Mctrlst= <> 
##$NTBCal= <V3.0CCalibrator 1 1 0 0 -2147483648 2147483647  V1.0CHPCData  Order 0 vCoeff V1.0VectorDouble 0  c2 0 c0 0 minMass 0 maxMass 0 bUse 0 endCHPCData V3.0CTOFCalibrationConstants 19637 2 602.06819521343277 5517219.9086281797 -0.0027258248475553011 2 V3.0CTOFCalibrationConstants 19637 2 602.06819521343277 5517219.9086281797 -0.0027258248475553011 2  > 
##$NTBCalr= <V3.0CCalibrator 1 1 0 0 -2147483648 2147483647  V1.0CHPCData  Order 0 vCoeff V1.0VectorDouble 0  c2 0 c0 0 minMass 0 maxMass 0 bUse 0 endCHPCData V3.0CTOFCalibrationConstants 19637 2 602.06819521343277 5517219.9086281797 -0.0027258248475553011 2 V3.0CTOFCalibrationConstants 19637 2 602.06819521343277 5517219.9086281797 -0.0027258248475553011 2  > 
##$OS9PATH= <> 
##$OpId= <Jay> 
##$P= (0..31) 
0 0 0 0 0 0 0 0 
0 0 0 0 0 0 0 0 
0 0 0 0 0 0 0 0 
0 0 0 0 0 0 0 0 
##$PARNM= <> 
##$PATCHNO= <B2> 
##$PATH= <D:\Data\Christina _Parasitology\Raw data\2017.06.19\Cylicostephanus longibursatus F\0_B2\1\1SLin> 
##$PDELAY= (0..3) 
10 10 10 10 
##$PDURA= (0..3) 
10 10 10 10 
##$PEPURL= <> 
##$PLMSC= (0..2) 
0 0 0 
##$PULPROG= <> 
##$PostPr= <> 
##$QS= (0..7) 
83 83 83 83 83 83 83 83 
##$RUNNM= <> 
##$SMOPTS= (0..15) 
2 0 0 0 0 0 0 0 
0 0 0 0 0 0 0 0 
##$SPOTNO= <B2> 
##$TgIDS= <G_998826B6_1627_43A5_A6D88C7195F62800> 
##$TgSer= <> 
##$TgTyp= <> 
##$VDLIST= <DDDDDDDDDDDDDDD> 
##$VOLTNM= <> 
##$WEND= (0..3) 
30000 30000 30000 30000 
##$WINY= (0..3) 
3 3 3 3 
##$WSTART= (0..3) 
0 0 0 0 
##$Warplc1= <> 
##$Warplc2= <> 
##$XACQVS= <3.0> 
##$Xml1= <> 
##END=

