##TITLE=  XMASS Parameter file
##JCAMPDX=  5.0
##DATATYPE=  CONTINUOUS MASS SPECTRUM
##ORIGIN=  XMASS, Bruker-Daltonics (USA) and Bruker-Daltonik (GER)
##OWNER=  TOF User
##SPECTROMETER/DATASYSTEM=  Bruker Flex Series
##.SPECTROMETER TYPE=  TOF
##.INLET=  DIRECT
##.IONIZATION MODE=  LD+
##$ABSF1= 10 
##$ABSF2= 0 
##$ABSG= 5 
##$ABSL= 3 
##$AQOP_m= 0 
##$ATTEN= 40.370369 
##$AUTOLAB= 0 
##$AZFE= 0.1 
##$AZFW= 0.5 
##$AccE_is= 0 
##$Ame= 0 
##$BASLSEG= 10 
##$BASLSUB= yes 
##$BC_mod= 0 
##$BYTORDP= 0 
##$CLPTS= 8 
##$CLSTAT= 0 
##$CalPrnt= 0 
##$DATMOD= 1 
##$DC= 1 
##$DELAY= 19615 
##$DTATYPE= 0 
##$Dy2max= 40 
##$FILNO= 0 
##$FT_mod= 0 
##$FWidth= 0.75 
##$GB= 0.1 
##$GOODNLV= 0 
##$HPCon= no 
##$INTBC= 1 
##$INTSCL= 1 
##$ISEN= 128 
##$LB= 1 
##$LINDIS= 0 
##$LftBHi= 0 
##$LftBLo= 0 
##$LftOrd= 0 
##$Lms2osp= no 
##$MAXI= 10000 
##$MAXPKS= 200 
##$MC2= 4 
##$MEAN= 0 
##$MI= 0 
##$MPWCH= 1000 
##$MPWM= 1000 
##$MSDTAID= -1 
##$NC_proc= -16 
##$NOISE= 0 
##$NSP= 1 
##$NTH_PF= 0 
##$NTH_PI= 0 
##$NZP= 0 
##$OCPOrd= 0 
##$PC= 4 
##$PHC0= 0 
##$PHC1= 0 
##$PH_mod= 0 
##$POLARI= 1 
##$PPERC= 80 
##$PP_meth= 1 
##$PSDOrd= 0 
##$PULSREP= 10000 
##$Parent= 1000 
##$PsdHi= 1.05 
##$PsdLo= 0.85000002 
##$Psdc0= 0 
##$Psdc1= 0 
##$Psdc2= 0 
##$REPHZ= 60 
##$REVERSE= no 
##$RefFull= 0 
##$ReflE= 0 
##$RmFrag= yes 
##$SAMPNO= 0 
##$SCALINT= 1 
##$SCALSPC= 1 
##$SI= 20613 
##$SIC_gco= 0 
##$SIC_gct= 0 
##$SIC_ion= 0 
##$SIC_max= 0 
##$SIC_min= 0 
##$SMONUM= 10 
##$SPCOrd= 0 
##$SPOTID= -1 
##$SSB= 0 
##$STSI= 0 
##$STSR= 0 
##$SYMM= 0 
##$S_DEV= 0 
##$Sens1= 100 
##$Sens2= 0 
##$Subbasl= no 
##$Subbpar= 0.80000001 
##$SumShot= 0 
##$T1D= 5 
##$TDeff= 0 
##$TIC_gco= 0 
##$TIC_gct= 0 
##$TIC_hig= 0 
##$TIC_low= 0 
##$TIC_max= 0 
##$TIC_min= 0 
##$TIC_rhi= 1 
##$TIC_rlo= 1 
##$TICcorr= 2 
##$TM1= 0.1 
##$TM2= 0.89999998 
##$Udefl= 0 
##$UdetL= 2.955 
##$UdetR= 0 
##$Uhimass= 0 
##$Uis1= 20 
##$Uis2= 16.700001 
##$Ulens= 6 
##$Uref_is= 0 
##$WDW= 1 
##$XDIM= 64 
##$YMAX_p= 591051740 
##$YMIN_p= -9824676 
##$AUNMP= <> 
##$Acalm= <> 
##$Acquver= <AIDA4.7.373.7> 
##$BLDNM= <averagine.bld> 
##$BTMeth= <> 
##$CALME= (0..15) 
0 0 0 0 0 0 0 0 
0 0 0 0 0 0 0 0 
##$CALMR= (0..15) 
0 0 0 0 0 0 0 0 
0 0 0 0 0 0 0 0 
##$CALNAM1= <> 
##$CALNAM2= <> 
##$CALNAM3= <> 
##$CALNAM4= <> 
##$CALNAM5= <> 
##$CALNAM6= <> 
##$CALNAM7= <> 
##$CLDATE= <2017-09-28T11:07:32.000+00:00> 
##$CLREFNM= <> 
##$CMT1= <MIN-G_m07> 
##$CMT2= <> 
##$COMFILE= <TofComment> 
##$CalStat= <<?xml version="1.0" encoding="ISO-8859-1"?><cs version="1.0"><ca>ReferenceMassAssignement</ca><cm>Quadratic</cm><cd>2017-09-28T11:07:32.000+00:00</cd><cr>OK</cr><pn>flexControl</pn><pv>3.4.135.0</pv><un>Jay</un><cmt>Jay</cmt><rsid>819D9793-81DF-4E63-8381-A50D72643631</rsid><mcl>MBT_Standard</mcl><cocp>8</cocp><devb>194.1474737488544</devb><deca>145.6528333834788</deca><acs><ac><rv>26267.76653858596</rv><mb>3637.153098346639</mb><ma>3636.867051443842</ma><cm>3637.8</cm><cn>RL29 [M+2H]2+</cn><me>256.4595514207509</me><tol>0</tol></ac><ac><rv>30985.53673852237</rv><mb>5097.760632783507</mb><ma>5097.331028372313</ma><cm>5096.8</cm><cn>RS32 [M+H]+</cn><me>104.1885834862861</me><tol>0</tol></ac><ac><rv>31822.25238737806</rv><mb>5382.512938173565</mb><ma>5382.074476606711</ma><cm>5381.4</cm><cn>RS34 [M+H]+</cn><me>125.3347840174162</me><tol>0</tol></ac><ac><rv>34260.60975650306</rv><mb>6256.523706546084</mb><ma>6256.096595596368</ma><cm>6255.4</cm><cn>RS33meth [M+H]+</cn><me>111.3590811727216</me><tol>0</tol></ac><ac><rv>36896.13449371811</rv><mb>7275.211831853451</mb><ma>7274.869920985741</ma><cm>7274.5</cm><cn>RL29 [M+H]+</cn><me>50.85174042758457</me><tol>0</tol></ac><ac><rv>43779.80697503837</rv><mb>10298.68676311355</mb><ma>10299.03102628527</ma><cm>10300.1</cm><cn>RS19 [M+H]+</cn><me>103.7828481981603</me><tol>0</tol></ac><ac><rv>50359.60820711268</rv><mb>13679.42069484228</mb><ma>13681.2414784307</ma><cm>13683.2</cm><cn>RNAse A [M+H]+</cn><me>143.13329990782</me><tol>0</tol></ac><ac><rv>55984.55947203232</rv><mb>16950.0911326745</mb><ma>16953.98868215747</ma><cm>16952.3</cm><cn>Myoglobin [M+H]+</cn><me>99.61374901731602</me><tol>0</tol></ac></acs></cs>> 
##$DFILT= <> 
##$FAVer= <3.4.76.0> 
##$FUZFILE= <> 
##$GENMETH= <> 
##$ID= <1141245f-52df-4c68-b99b-b9941426c835> 
##$IDref= <> 
##$II_path= <> 
##$IR_path= <> 
##$LftCal= (0..15) 
0 0 0 0 0 0 0 0 
0 0 0 0 0 0 0 0 
##$Mctrlp= <> 
##$OpId= <Jay> 
##$PCRMETH= <> 
##$PDELAY= (0..3) 
10 10 10 10 
##$PDURA= (0..3) 
10 10 10 10 
##$PEPURL= <> 
##$PKFILE= <masslist> 
##$PROCMAC= <> 
##$PSDOCP= (0..15) 
0 0 0 0 0 0 0 0 
0 0 0 0 0 0 0 0 
##$PSDSPC= (0..15) 
0 0 0 0 0 0 0 0 
0 0 0 0 0 0 0 0 
##$PSmeth= <> 
##$PostPr= <> 
##$PsdList= <> 
##$REFLIST= <MBT_Standard> 
##$RunGUID= <0c12d78d-69c9-40fa-b411-472001a2c9ef> 
##$SEQMETH= <> 
##$SMOPTS= (0..15) 
2 0 0 0 0 0 0 0 
0 0 0 0 0 0 0 0 
##$SMPNAM= <Cylicostephanus minutus-M\0_E4\2> 
##$SNPMETH= <> 
##$SREGLST= <RRRRRRRRRRRRRRR> 
##$TI= <MIN-G_m07> 
##$WEND= (0..3) 
30000 30000 30000 30000 
##$WINY= (0..3) 
3 3 3 3 
##$WSTART= (0..3) 
0 0 0 0 
##$XMACRO= <> 
##$Xml2= <> 
##END=

