##TITLE=  XMASS Parameter file
##JCAMPDX=  5.0
##DATATYPE=  CONTINUOUS MASS SPECTRUM
##ORIGIN=  XMASS, Bruker-Daltonics (USA) and Bruker-Daltonik (GER)
##OWNER=  TOF User
##SPECTROMETER/DATASYSTEM=  Bruker Flex Series
##.SPECTROMETER TYPE=  TOF
##.INLET=  DIRECT
##.IONIZATION MODE=  LD+
##$ABSF1= 10 
##$ABSF2= 0 
##$ABSG= 5 
##$ABSL= 3 
##$AQOP_m= 0 
##$ATTEN= 55.185184 
##$AUTOLAB= 0 
##$AZFE= 0.1 
##$AZFW= 0.5 
##$AccE_is= 0 
##$Ame= 0 
##$BASLSEG= 10 
##$BASLSUB= yes 
##$BC_mod= 0 
##$BYTORDP= 0 
##$CLPTS= 8 
##$CLSTAT= 0 
##$CalPrnt= 0 
##$DATMOD= 1 
##$DC= 1 
##$DELAY= 19637 
##$DTATYPE= 0 
##$Dy2max= 40 
##$FILNO= 0 
##$FT_mod= 0 
##$FWidth= 0.75 
##$GB= 0.1 
##$GOODNLV= 0 
##$HPCon= no 
##$INTBC= 1 
##$INTSCL= 1 
##$ISEN= 128 
##$LB= 1 
##$LINDIS= 0 
##$LftBHi= 0 
##$LftBLo= 0 
##$LftOrd= 0 
##$Lms2osp= no 
##$MAXI= 10000 
##$MAXPKS= 200 
##$MC2= 4 
##$MEAN= 0 
##$MI= 0 
##$MPWCH= 1000 
##$MPWM= 1000 
##$MSDTAID= -1 
##$NC_proc= -17 
##$NOISE= 0 
##$NSP= 1 
##$NTH_PF= 0 
##$NTH_PI= 0 
##$NZP= 0 
##$OCPOrd= 0 
##$PC= 4 
##$PHC0= 0 
##$PHC1= 0 
##$PH_mod= 0 
##$POLARI= 1 
##$PPERC= 80 
##$PP_meth= 1 
##$PSDOrd= 0 
##$PULSREP= 10000 
##$Parent= 1000 
##$PsdHi= 1.05 
##$PsdLo= 0.85000002 
##$Psdc0= 0 
##$Psdc1= 0 
##$Psdc2= 0 
##$REPHZ= 60 
##$REVERSE= no 
##$RefFull= 0 
##$ReflE= 0 
##$RmFrag= yes 
##$SAMPNO= 0 
##$SCALINT= 1 
##$SCALSPC= 1 
##$SI= 20657 
##$SIC_gco= 0 
##$SIC_gct= 0 
##$SIC_ion= 0 
##$SIC_max= 0 
##$SIC_min= 0 
##$SMONUM= 10 
##$SPCOrd= 0 
##$SPOTID= -1 
##$SSB= 0 
##$STSI= 0 
##$STSR= 0 
##$SYMM= 0 
##$S_DEV= 0 
##$Sens1= 100 
##$Sens2= 0 
##$Subbasl= no 
##$Subbpar= 0.80000001 
##$SumShot= 0 
##$T1D= 5 
##$TDeff= 0 
##$TIC_gco= 0 
##$TIC_gct= 0 
##$TIC_hig= 0 
##$TIC_low= 0 
##$TIC_max= 0 
##$TIC_min= 0 
##$TIC_rhi= 1 
##$TIC_rlo= 1 
##$TICcorr= 2 
##$TM1= 0.1 
##$TM2= 0.89999998 
##$Udefl= 0 
##$UdetL= 2.912 
##$UdetR= 0 
##$Uhimass= 0 
##$Uis1= 20 
##$Uis2= 16.700001 
##$Ulens= 6 
##$Uref_is= 0 
##$WDW= 1 
##$XDIM= 64 
##$YMAX_p= 830416521 
##$YMIN_p= -18727694 
##$AUNMP= <> 
##$Acalm= <> 
##$Acquver= <AIDA4.7.373.7> 
##$BLDNM= <averagine.bld> 
##$BTMeth= <> 
##$CALME= (0..15) 
0 0 0 0 0 0 0 0 
0 0 0 0 0 0 0 0 
##$CALMR= (0..15) 
0 0 0 0 0 0 0 0 
0 0 0 0 0 0 0 0 
##$CALNAM1= <> 
##$CALNAM2= <> 
##$CALNAM3= <> 
##$CALNAM4= <> 
##$CALNAM5= <> 
##$CALNAM6= <> 
##$CALNAM7= <> 
##$CLDATE= <2017-06-19T16:06:59.000+00:00> 
##$CLREFNM= <> 
##$CMT1= <LON-G-f05> 
##$CMT2= <> 
##$COMFILE= <TofComment> 
##$CalStat= <<?xml version="1.0" encoding="ISO-8859-1"?><cs version="1.0"><ca>ReferenceMassAssignement</ca><cm>Quadratic</cm><cd>2017-06-19T16:06:59.000+00:00</cd><cr>OK</cr><pn>flexControl</pn><pv>3.4.135.0</pv><un>Jay</un><cmt>Jay</cmt><rsid>B0CFCF01-B2B7-478A-BB6F-1E4AF3926F2A</rsid><mcl>MBT_Standard</mcl><cocp>8</cocp><devb>181.9545681139652</devb><deca>127.2177017122549</deca><acs><ac><rv>26267.13872330092</rv><mb>3636.535966575027</mb><ma>3636.977948178223</ma><cm>3637.8</cm><cn>RL29 [M+2H]2+</cn><me>225.9749908674686</me><tol>0</tol></ac><ac><rv>30983.70865531285</rv><mb>5096.739466244517</mb><ma>5097.296221873283</ma><cm>5096.8</cm><cn>RS32 [M+H]+</cn><me>97.35949483648429</me><tol>0</tol></ac><ac><rv>31820.24444369811</rv><mb>5381.43768046025</mb><ma>5381.996757889384</ma><cm>5381.4</cm><cn>RS34 [M+H]+</cn><me>110.8926839454802</me><tol>0</tol></ac><ac><rv>34258.77496449164</rv><mb>6255.571182428943</mb><ma>6256.097578141906</ma><cm>6255.4</cm><cn>RS33meth [M+H]+</cn><me>111.5161527489815</me><tol>0</tol></ac><ac><rv>36893.82333439543</rv><mb>7274.211838499147</mb><ma>7274.626413850127</ma><cm>7274.5</cm><cn>RL29 [M+H]+</cn><me>17.3776685857986</me><tol>0</tol></ac><ac><rv>43779.72000877174</rv><mb>10299.54278016648</mb><ma>10299.18598234217</ma><cm>10300.1</cm><cn>RS19 [M+H]+</cn><me>88.73871688927383</me><tol>0</tol></ac><ac><rv>50362.41888776508</rv><mb>13683.5636087139</mb><ma>13681.63166827923</ma><cm>13683.2</cm><cn>RNAse A [M+H]+</cn><me>114.6173205659256</me><tol>0</tol></ac><ac><rv>55989.30956313391</rv><mb>16957.78989185386</mb><ma>16953.6876184584</ma><cm>16952.3</cm><cn>Myoglobin [M+H]+</cn><me>81.85428870421941</me><tol>0</tol></ac></acs></cs>> 
##$DFILT= <> 
##$FAVer= <3.4.76.0> 
##$FUZFILE= <> 
##$GENMETH= <> 
##$ID= <bac946ef-85c5-4bd3-a410-3b991e6e1362> 
##$IDref= <> 
##$II_path= <> 
##$IR_path= <> 
##$LftCal= (0..15) 
0 0 0 0 0 0 0 0 
0 0 0 0 0 0 0 0 
##$Mctrlp= <> 
##$OpId= <Jay> 
##$PCRMETH= <> 
##$PDELAY= (0..3) 
10 10 10 10 
##$PDURA= (0..3) 
10 10 10 10 
##$PEPURL= <> 
##$PKFILE= <masslist> 
##$PROCMAC= <> 
##$PSDOCP= (0..15) 
0 0 0 0 0 0 0 0 
0 0 0 0 0 0 0 0 
##$PSDSPC= (0..15) 
0 0 0 0 0 0 0 0 
0 0 0 0 0 0 0 0 
##$PSmeth= <> 
##$PostPr= <> 
##$PsdList= <> 
##$REFLIST= <MBT_Standard> 
##$RunGUID= <b4f071c5-84e5-45eb-b9ca-61b669739635> 
##$SEQMETH= <> 
##$SMOPTS= (0..15) 
2 0 0 0 0 0 0 0 
0 0 0 0 0 0 0 0 
##$SMPNAM= <Cylicostephanus longibursatus F\0_B3\2> 
##$SNPMETH= <> 
##$SREGLST= <RRRRRRRRRRRRRRR> 
##$TI= <LON-G-f05> 
##$WEND= (0..3) 
30000 30000 30000 30000 
##$WINY= (0..3) 
3 3 3 3 
##$WSTART= (0..3) 
0 0 0 0 
##$XMACRO= <> 
##$Xml2= <> 
##END=

